GEM
  remote: http://rubygems.org/
  specs:
    aws (2.5.6)
      http_connection
      uuidtools
      xml-simple
    http_connection (1.4.1)
    uuidtools (2.1.2)
    xml-simple (1.1.1)

PLATFORMS
  ruby

DEPENDENCIES
  aws (= 2.5.6)
